GEM
  remote: http://rubygems.org/
  specs:
    hashie (1.2.0)
    omniauth (1.0.0)
      hashie (~> 1.2)
      rack
    rack (2.2.3)

PLATFORMS
  ruby

DEPENDENCIES
  omniauth
